PATH
  remote: .
  specs:
    meu_estudo_ruby (0.1.0)

GEM
  remote: https://rubygems.org/
  specs:
    debase (0.2.4.1)
      debase-ruby_core_source (>= 0.10.2)
    debase-ruby_core_source (0.10.17)
    diff-lcs (1.5.0)
    rake (12.3.3)
    rspec (3.12.0)
      rspec-core (~> 3.12.0)
      rspec-expectations (~> 3.12.0)
      rspec-mocks (~> 3.12.0)
    rspec-core (3.12.0)
      rspec-support (~> 3.12.0)
    rspec-expectations (3.12.0)
      diff-lcs (>= 1.2.0, < 2.0)
      rspec-support (~> 3.12.0)
    rspec-mocks (3.12.0)
      diff-lcs (>= 1.2.0, < 2.0)
      rspec-support (~> 3.12.0)
    rspec-support (3.12.0)
    ruby-debug-ide (0.7.3)
      rake (>= 0.8.1)

PLATFORMS
  x86_64-linux

DEPENDENCIES
  debase
  meu_estudo_ruby!
  rake (~> 12.0)
  rspec (~> 3.0)
  ruby-debug-ide

BUNDLED WITH
   2.3.25
